GEM
  remote: https://rubygems.org/
  specs:
    discourse_api (0.14.1)
      faraday (~> 0.9)
      faraday_middleware (~> 0.10)
      rack (>= 1.6)
    dotenv (2.2.0)
    faraday (0.11.0)
      multipart-post (>= 1.2, < 3)
    faraday_middleware (0.11.0.1)
      faraday (>= 0.7.4, < 1.0)
    multipart-post (2.0.0)
    rack (2.0.1)
    slop (4.4.1)

PLATFORMS
  ruby

DEPENDENCIES
  discourse_api
  dotenv
  slop

BUNDLED WITH
   1.14.3
